GEM
  remote: http://rubygems.org/
  specs:
    awesome_print (1.1.0)
    httparty (0.10.2)
      multi_json (~> 1.0)
      multi_xml (>= 0.5.2)
    multi_json (1.7.3)
    multi_xml (0.5.3)
    nokogiri (1.5.7)
    sqlite3 (1.3.7)

PLATFORMS
  ruby

DEPENDENCIES
  awesome_print
  httparty
  nokogiri
  sqlite3
